PATH
  remote: .
  specs:
    secret-keeper (2.0.1)

GEM
  remote: https://rubygems.org/
  specs:
    diff-lcs (1.3)
    io-console (0.5.6)
    irb (1.2.3)
      reline (>= 0.0.1)
    reline (0.1.3)
      io-console (~> 0.5)
    rspec (3.9.0)
      rspec-core (~> 3.9.0)
      rspec-expectations (~> 3.9.0)
      rspec-mocks (~> 3.9.0)
    rspec-core (3.9.1)
      rspec-support (~> 3.9.1)
    rspec-expectations (3.9.0)
      diff-lcs (>= 1.2.0, < 2.0)
      rspec-support (~> 3.9.0)
    rspec-mocks (3.9.1)
      diff-lcs (>= 1.2.0, < 2.0)
      rspec-support (~> 3.9.0)
    rspec-support (3.9.2)

PLATFORMS
  ruby

DEPENDENCIES
  irb
  rspec (~> 3.9)
  secret-keeper!

RUBY VERSION
   ruby 3.2.2p53

BUNDLED WITH
   2.4.13
